PATH
  remote: .
  specs:
    mongoid-sphinx (0.1.3)
      mongoid (>= 2.0.0.beta.19)
      riddle (>= 1.1.0)

GEM
  remote: http://rubygems.org/
  specs:
    activemodel (3.1.1)
      activesupport (= 3.1.1)
      builder (~> 3.0.0)
      i18n (~> 0.6)
    activesupport (3.1.1)
      multi_json (~> 1.0)
    bson (1.4.1)
    builder (3.0.0)
    i18n (0.6.0)
    mongo (1.4.1)
      bson (= 1.4.1)
    mongoid (2.3.3)
      activemodel (~> 3.1)
      mongo (~> 1.3)
      tzinfo (~> 0.3.22)
    multi_json (1.0.3)
    riddle (1.4.0)
    tzinfo (0.3.30)

PLATFORMS
  ruby

DEPENDENCIES
  mongoid-sphinx!
